GEM
  remote: https://rubygems.org/
  specs:
    byebug (11.1.3)

PLATFORMS
  x64-mingw32

DEPENDENCIES
  byebug (~> 11.1, >= 11.1.3)

RUBY VERSION
   ruby 3.0.3p157

BUNDLED WITH
   2.2.32
